GEM
  remote: https://rubygems.org/
  specs:
    activesupport (7.2.1)
      base64
      bigdecimal
      concurrent-ruby (~> 1.0, >= 1.3.1)
      connection_pool (>= 2.2.5)
      drb
      i18n (>= 1.6, < 2)
      logger (>= 1.4.2)
      minitest (>= 5.1)
      securerandom (>= 0.3)
      tzinfo (~> 2.0, >= 2.0.5)
    aes_key_wrap (1.1.0)
    ast (2.4.3)
    attr_required (1.0.2)
    base64 (0.2.0)
    bcrypt (3.1.20)
    bigdecimal (3.1.8)
    bindata (2.5.0)
    classifier-reborn (2.3.0)
      fast-stemmer (~> 1.0)
      matrix (~> 0.4)
    coderay (1.1.3)
    concurrent-ruby (1.3.5)
    connection_pool (2.4.1)
    countries (5.7.2)
      unaccent (~> 0.3)
    crass (1.0.6)
    database_cleaner-core (2.0.1)
    database_cleaner-sequel (2.0.2)
      database_cleaner-core (~> 2.0.0)
      sequel
    diff-lcs (1.5.1)
    dotenv (3.1.2)
    drb (2.2.1)
    dry-auto_inject (1.0.1)
      dry-core (~> 1.0)
      zeitwerk (~> 2.6)
    dry-cli (1.0.0)
    dry-configurable (1.2.0)
      dry-core (~> 1.0, < 2)
      zeitwerk (~> 2.6)
    dry-core (1.0.2)
      concurrent-ruby (~> 1.0)
      logger
      zeitwerk (~> 2.6)
    dry-events (1.0.1)
      concurrent-ruby (~> 1.0)
      dry-core (~> 1.0, < 2)
    dry-files (1.1.0)
    dry-inflector (1.1.0)
    dry-initializer (3.1.1)
    dry-logger (1.0.4)
    dry-logic (1.5.0)
      concurrent-ruby (~> 1.0)
      dry-core (~> 1.0, < 2)
      zeitwerk (~> 2.6)
    dry-monitor (1.0.1)
      dry-configurable (~> 1.0, < 2)
      dry-core (~> 1.0, < 2)
      dry-events (~> 1.0, < 2)
    dry-schema (1.13.4)
      concurrent-ruby (~> 1.0)
      dry-configurable (~> 1.0, >= 1.0.1)
      dry-core (~> 1.0, < 2)
      dry-initializer (~> 3.0)
      dry-logic (>= 1.4, < 2)
      dry-types (>= 1.7, < 2)
      zeitwerk (~> 2.6)
    dry-struct (1.6.0)
      dry-core (~> 1.0, < 2)
      dry-types (>= 1.7, < 2)
      ice_nine (~> 0.11)
      zeitwerk (~> 2.6)
    dry-system (1.0.1)
      dry-auto_inject (~> 1.0, < 2)
      dry-configurable (~> 1.0, < 2)
      dry-core (~> 1.0, < 2)
      dry-inflector (~> 1.0, < 2)
    dry-transformer (1.0.1)
      zeitwerk (~> 2.6)
    dry-types (1.7.2)
      bigdecimal (~> 3.0)
      concurrent-ruby (~> 1.0)
      dry-core (~> 1.0)
      dry-inflector (~> 1.0)
      dry-logic (~> 1.4)
      zeitwerk (~> 2.6)
    dry-validation (1.10.0)
      concurrent-ruby (~> 1.0)
      dry-core (~> 1.0, < 2)
      dry-initializer (~> 3.0)
      dry-schema (>= 1.12, < 2)
      zeitwerk (~> 2.6)
    et-orbi (1.2.11)
      tzinfo
    faraday (2.9.2)
      faraday-net_http (>= 2.0, < 3.2)
    faraday-follow_redirects (0.3.0)
      faraday (>= 1, < 3)
    faraday-net_http (3.1.0)
      net-http
    fast-stemmer (1.0.2)
    feedjira (3.2.3)
      loofah (>= 2.3.1, < 3)
      sax-machine (>= 1.0, < 2)
    ffi (1.17.0-aarch64-linux-gnu)
    ffi (1.17.0-aarch64-linux-musl)
    ffi (1.17.0-arm-linux-gnu)
    ffi (1.17.0-arm-linux-musl)
    ffi (1.17.0-arm64-darwin)
    ffi (1.17.0-x86-linux-gnu)
    ffi (1.17.0-x86-linux-musl)
    ffi (1.17.0-x86_64-darwin)
    ffi (1.17.0-x86_64-linux-gnu)
    ffi (1.17.0-x86_64-linux-musl)
    foreman (0.88.1)
    formatador (1.1.0)
    fugit (1.11.1)
      et-orbi (~> 1, >= 1.2.11)
      raabro (~> 1.4)
    guard (2.18.1)
      formatador (>= 0.2.4)
      listen (>= 2.7, < 4.0)
      lumberjack (>= 1.0.12, < 2.0)
      nenv (~> 0.1)
      notiffany (~> 0.0)
      pry (>= 0.13.0)
      shellany (~> 0.0)
      thor (>= 0.18.1)
    guard-compat (1.2.1)
    guard-puma (0.8.1)
      guard (~> 2.14)
      guard-compat (~> 1.2)
      puma (>= 4.0, < 7)
    hanami (2.1.1)
      bundler (>= 1.16, < 3)
      dry-configurable (~> 1.0, < 2)
      dry-core (~> 1.0, < 2)
      dry-inflector (~> 1.0, < 2)
      dry-logger (~> 1.0, < 2)
      dry-monitor (~> 1.0, >= 1.0.1, < 2)
      dry-system (~> 1.0, < 2)
      hanami-cli (~> 2.1)
      hanami-utils (~> 2.1)
      zeitwerk (~> 2.6)
    hanami-cli (2.1.1)
      bundler (~> 2.1)
      dry-cli (~> 1.0, < 2)
      dry-files (~> 1.0, >= 1.0.2, < 2)
      dry-inflector (~> 1.0, < 2)
      rake (~> 13.0)
      zeitwerk (~> 2.6)
    hanami-controller (2.1.0)
      dry-configurable (~> 1.0, < 2)
      dry-core (~> 1.0)
      hanami-utils (~> 2.1)
      rack (~> 2.0)
      zeitwerk (~> 2.6)
    hanami-reloader (2.1.0)
      hanami-cli (~> 2.1)
      zeitwerk (~> 2.6)
    hanami-router (2.2.0)
      mustermann (~> 3.0)
      mustermann-contrib (~> 3.0)
      rack (~> 2.0)
    hanami-rspec (2.1.0)
      hanami-cli (~> 2.1)
      rake (~> 13.0)
      rspec (~> 3.12)
      zeitwerk (~> 2.6)
    hanami-utils (2.1.0)
      concurrent-ruby (~> 1.0)
      dry-core (~> 1.0, < 2)
      dry-transformer (~> 1.0, < 2)
    hanami-validations (2.2.0)
      dry-validation (>= 1.10, < 2)
    hansi (0.2.1)
    httparty (0.21.0)
      mini_mime (>= 1.0.0)
      multi_xml (>= 0.5.2)
    i18n (1.14.5)
      concurrent-ruby (~> 1.0)
    ice_nine (0.11.2)
    json (2.12.0)
    json-jwt (1.16.6)
      activesupport (>= 4.2)
      aes_key_wrap
      base64
      bindata
      faraday (~> 2.0)
      faraday-follow_redirects
    jwt (2.8.2)
      base64
    language_server-protocol (3.17.0.5)
    lint_roller (1.1.0)
    listen (3.9.0)
      rb-fsevent (~> 0.10, >= 0.10.3)
      rb-inotify (~> 0.9, >= 0.9.10)
    logger (1.7.0)
    loofah (2.22.0)
      crass (~> 1.0.2)
      nokogiri (>= 1.12.0)
    lumberjack (1.2.10)
    matrix (0.4.2)
    method_source (1.1.0)
    mini_mime (1.1.5)
    mini_portile2 (2.8.8)
    minitest (5.25.1)
    multi_xml (0.7.1)
      bigdecimal (~> 3.1)
    mustermann (3.0.3)
      ruby2_keywords (~> 0.0.1)
    mustermann-contrib (3.0.3)
      hansi (~> 0.2.0)
      mustermann (= 3.0.3)
    nenv (0.3.0)
    net-http (0.4.1)
      uri
    nio4r (2.7.4)
    nokogiri (1.18.8)
      mini_portile2 (~> 2.8.2)
      racc (~> 1.4)
    nokogiri (1.18.8-aarch64-linux-gnu)
      racc (~> 1.4)
    nokogiri (1.18.8-aarch64-linux-musl)
      racc (~> 1.4)
    nokogiri (1.18.8-arm-linux-gnu)
      racc (~> 1.4)
    nokogiri (1.18.8-arm-linux-musl)
      racc (~> 1.4)
    nokogiri (1.18.8-arm64-darwin)
      racc (~> 1.4)
    nokogiri (1.18.8-x86_64-darwin)
      racc (~> 1.4)
    nokogiri (1.18.8-x86_64-linux-gnu)
      racc (~> 1.4)
    nokogiri (1.18.8-x86_64-linux-musl)
      racc (~> 1.4)
    notiffany (0.1.3)
      nenv (~> 0.1)
      shellany (~> 0.0)
    parallel (1.27.0)
    parser (3.3.8.0)
      ast (~> 2.4.1)
      racc
    pg (1.5.8)
    prism (1.4.0)
    pry (0.14.2)
      coderay (~> 1.1)
      method_source (~> 1.0)
    puma (6.4.3)
      nio4r (~> 2.0)
    raabro (1.4.0)
    racc (1.8.1)
    rack (2.2.14)
    rack-cors (2.0.2)
      rack (>= 2.0.0)
    rack-heartbeat (1.1.0)
      rack
    rack-oauth2 (2.2.1)
      activesupport
      attr_required
      faraday (~> 2.0)
      faraday-follow_redirects
      json-jwt (>= 1.11.0)
      rack (>= 2.1.0)
    rack-test (2.1.0)
      rack (>= 1.3)
    rainbow (3.1.1)
    rake (13.2.1)
    rb-fsevent (0.11.2)
    rb-inotify (0.11.1)
      ffi (~> 1.0)
    redis (5.2.0)
      redis-client (>= 0.22.0)
    redis-client (0.24.0)
      connection_pool
    regexp_parser (2.10.0)
    rom (5.3.2)
      rom-changeset (~> 5.3, >= 5.3.0)
      rom-core (~> 5.3, >= 5.3.2)
      rom-repository (~> 5.3, >= 5.3.0)
    rom-changeset (5.3.0)
      dry-core (~> 1.0)
      rom-core (~> 5.3)
      transproc (~> 1.0, >= 1.1.0)
    rom-core (5.3.2)
      concurrent-ruby (~> 1.1)
      dry-configurable (~> 1.0)
      dry-core (~> 1.0)
      dry-inflector (~> 1.0)
      dry-initializer (~> 3.0, >= 3.0.1)
      dry-struct (~> 1.0)
      dry-types (~> 1.6)
      transproc (~> 1.0, >= 1.1.0)
    rom-repository (5.3.0)
      dry-core (~> 1.0)
      dry-initializer (~> 3.0, >= 3.0.1)
      rom-core (~> 5.3, >= 5.3.0)
    rom-sql (3.6.4)
      dry-core (~> 1.0)
      dry-types (~> 1.0)
      rom (~> 5.2, >= 5.2.1)
      sequel (>= 4.49)
    rspec (3.13.0)
      rspec-core (~> 3.13.0)
      rspec-expectations (~> 3.13.0)
      rspec-mocks (~> 3.13.0)
    rspec-core (3.13.0)
      rspec-support (~> 3.13.0)
    rspec-expectations (3.13.1)
      diff-lcs (>= 1.2.0, < 2.0)
      rspec-support (~> 3.13.0)
    rspec-mocks (3.13.1)
      diff-lcs (>= 1.2.0, < 2.0)
      rspec-support (~> 3.13.0)
    rspec-support (3.13.1)
    rubocop (1.75.7)
      json (~> 2.3)
      language_server-protocol (~> 3.17.0.2)
      lint_roller (~> 1.1.0)
      parallel (~> 1.10)
      parser (>= 3.3.0.2)
      rainbow (>= 2.2.2, < 4.0)
      regexp_parser (>= 2.9.3, < 3.0)
      rubocop-ast (>= 1.44.0, < 2.0)
      ruby-progressbar (~> 1.7)
      unicode-display_width (>= 2.4.0, < 4.0)
    rubocop-ast (1.44.1)
      parser (>= 3.3.7.2)
      prism (~> 1.4)
    ruby-progressbar (1.13.0)
    ruby2_keywords (0.0.5)
    rufus-scheduler (3.9.1)
      fugit (~> 1.1, >= 1.1.6)
    sax-machine (1.3.2)
    securerandom (0.3.1)
    sequel (5.82.0)
      bigdecimal
    shellany (0.0.1)
    sidekiq (7.3.9)
      base64
      connection_pool (>= 2.3.0)
      logger
      rack (>= 2.2.4)
      redis-client (>= 0.22.2)
    sidekiq-scheduler (5.0.6)
      rufus-scheduler (~> 3.2)
      sidekiq (>= 6, < 8)
      tilt (>= 1.4.0, < 3)
    thor (1.3.1)
    tilt (2.4.0)
    transproc (1.1.1)
    tzinfo (2.0.6)
      concurrent-ruby (~> 1.0)
    tzinfo-data (1.2025.2)
      tzinfo (>= 1.0.0)
    unaccent (0.4.0)
    unicode-display_width (3.1.4)
      unicode-emoji (~> 4.0, >= 4.0.4)
    unicode-emoji (4.0.4)
    uri (0.13.0)
    zeitwerk (2.6.18)

PLATFORMS
  aarch64-linux
  aarch64-linux-gnu
  aarch64-linux-musl
  arm-linux
  arm-linux-gnu
  arm-linux-musl
  arm64-darwin
  x86-linux
  x86-linux-gnu
  x86-linux-musl
  x86_64-darwin
  x86_64-linux-gnu
  x86_64-linux-musl

DEPENDENCIES
  activesupport (~> 7.2)
  bcrypt (~> 3.1)
  classifier-reborn
  countries (~> 5.4)
  database_cleaner-sequel
  dotenv
  dry-types
  feedjira (~> 3.2, >= 3.2.2)
  foreman
  guard-puma (~> 0.8)
  hanami (~> 2.0)
  hanami-controller (~> 2.0)
  hanami-reloader
  hanami-router (~> 2.2)
  hanami-rspec
  hanami-validations (~> 2.0)
  httparty (~> 0.21.0)
  jwt (~> 2.7)
  logger (~> 1.7)
  pg
  puma
  rack-cors
  rack-heartbeat
  rack-oauth2
  rack-test
  rake
  redis (~> 5.0)
  rom (~> 5.3)
  rom-sql (~> 3.6)
  rubocop
  sidekiq (~> 7.3)
  sidekiq-scheduler (~> 5.0)
  tzinfo-data

BUNDLED WITH
   2.5.6
